GEM
  remote: https://rubygems.org/
  specs:
    haml (5.0.3)
      temple (>= 0.8.0)
      tilt
    multi_json (1.12.2)
    mustermann (1.0.1)
    rack (2.0.3)
    rack-protection (2.0.0)
      rack
    rake (12.1.0)
    sequel (5.1.0)
    sinatra (2.0.0)
      mustermann (~> 1.0)
      rack (~> 2.0)
      rack-protection (= 2.0.0)
      tilt (~> 2.0)
    slack-notifier (2.3.1)
    sqlite3 (1.3.13)
    temple (0.8.0)
    tilt (2.0.8)
    timeout (0.0.1)
      timeout-extensions
    timeout-extensions (0.1.1)

PLATFORMS
  ruby

DEPENDENCIES
  haml
  multi_json
  rake
  sequel
  sinatra
  slack-notifier
  sqlite3
  timeout

BUNDLED WITH
   1.15.4
